GEM
  remote: https://rubygems.org/
  specs:
    airbrussh (1.3.1)
      sshkit (>= 1.6.1, != 1.7.0)
    ast (2.4.0)
    byebug (10.0.2)
    capistrano (3.11.0)
      airbrussh (>= 1.0.0)
      i18n
      rake (>= 10.0.0)
      sshkit (>= 1.9.0)
    capistrano-bundler (1.5.0)
      capistrano (~> 3.1)
    capistrano-passenger (0.2.0)
      capistrano (~> 3.0)
    capistrano-rbenv (2.1.4)
      capistrano (~> 3.1)
      sshkit (~> 1.3)
    coderay (1.1.2)
    concurrent-ruby (1.1.4)
    concurrent-ruby-ext (1.1.4)
      concurrent-ruby (= 1.1.4)
    ethon (0.12.0)
      ffi (>= 1.3.0)
    ffi (1.10.0)
    i18n (1.5.3)
      concurrent-ruby (~> 1.0)
    jaro_winkler (1.5.2)
    listen (3.1.5)
      rb-fsevent (~> 0.9, >= 0.9.4)
      rb-inotify (~> 0.9, >= 0.9.7)
      ruby_dep (~> 1.2)
    method_source (0.9.2)
    multi_json (1.13.1)
    multi_xml (0.6.0)
    mustache (1.1.0)
    mustermann (1.0.3)
    net-scp (1.2.1)
      net-ssh (>= 2.6.5)
    net-ssh (5.1.0)
    oj (3.7.8)
    ox (2.10.0)
    parallel (1.13.0)
    parser (2.6.0.0)
      ast (~> 2.4.0)
    pg (1.1.4)
    powerpack (0.1.2)
    pry (0.12.2)
      coderay (~> 1.1.0)
      method_source (~> 0.9.0)
    pry-byebug (3.6.0)
      byebug (~> 10.0)
      pry (~> 0.10)
    pry-doc (1.0.0)
      pry (~> 0.11)
      yard (~> 0.9.11)
    puma (3.12.0)
    rack (2.0.6)
    rack-protection (2.0.5)
      rack
    rainbow (3.0.0)
    rake (12.3.2)
    rb-fsevent (0.10.3)
    rb-inotify (0.10.0)
      ffi (~> 1.0)
    rubocop (0.63.1)
      jaro_winkler (~> 1.5.1)
      parallel (~> 1.10)
      parser (>= 2.5, != 2.5.1.1)
      powerpack (~> 0.1)
      rainbow (>= 2.2.2, < 4.0)
      ruby-progressbar (~> 1.7)
      unicode-display_width (~> 1.4.0)
    ruby-progressbar (1.10.0)
    ruby_dep (1.5.0)
    sequel (5.16.0)
    sequel_pg (1.11.0)
      pg (>= 0.18.0)
      sequel (>= 4.38.0)
    sequel_postgresql_triggers (1.5.0)
      sequel
    sinatra (2.0.5)
      mustermann (~> 1.0)
      rack (~> 2.0)
      rack-protection (= 2.0.5)
      tilt (~> 2.0)
    sinatra-flash (0.3.0)
      sinatra (>= 1.0.0)
    slim (4.0.1)
      temple (>= 0.7.6, < 0.9)
      tilt (>= 2.0.6, < 2.1)
    sshkit (1.18.1)
      net-scp (>= 1.1.2)
      net-ssh (>= 2.8.0)
    temple (0.8.0)
    tilt (2.0.9)
    typhoeus (1.3.1)
      ethon (>= 0.9.0)
    unicode-display_width (1.4.1)
    yard (0.9.18)
    yarss (0.0.6)
      multi_xml (~> 0.5)

PLATFORMS
  ruby

DEPENDENCIES
  capistrano-bundler
  capistrano-passenger
  capistrano-rbenv
  concurrent-ruby
  concurrent-ruby-ext
  i18n
  listen
  multi_json
  multi_xml
  mustache
  oj
  ox
  pg
  pry
  pry-byebug
  pry-doc
  puma
  rake
  rubocop
  sequel
  sequel_pg
  sequel_postgresql_triggers
  sinatra
  sinatra-flash
  slim
  typhoeus
  yarss

BUNDLED WITH
   1.17.3
